GEM
  remote: http://rubygems.org/
  specs:
    coderay (1.0.7)
    faraday (0.8.1)
      multipart-post (~> 1.1)
    hashie (1.2.0)
    httpauth (0.1)
    json (1.7.3)
    jwt (0.1.4)
      json (>= 1.2.4)
    kgio (2.7.4)
    method_source (0.8)
    multi_json (1.3.6)
    multipart-post (1.1.5)
    nokogiri (1.5.5)
    oauth (0.4.6)
    oauth2 (0.8.0)
      faraday (~> 0.8)
      httpauth (~> 0.1)
      jwt (~> 0.1.4)
      multi_json (~> 1.0)
      rack (~> 1.2)
    omniauth (1.1.0)
      hashie (~> 1.2)
      rack
    omniauth-facebook (1.4.1)
      omniauth-oauth2 (~> 1.1.0)
    omniauth-oauth (1.0.1)
      oauth
      omniauth (~> 1.0)
    omniauth-oauth2 (1.1.0)
      oauth2 (~> 0.8.0)
      omniauth (~> 1.0)
    omniauth-twitter (0.0.12)
      multi_json (~> 1.3)
      omniauth-oauth (~> 1.0)
    pry (0.9.10)
      coderay (~> 1.0.5)
      method_source (~> 0.8)
      slop (~> 3.3.1)
    rack (1.4.1)
    rack-protection (1.2.0)
      rack
    rack-test (0.6.1)
      rack (>= 1.0)
    racksh (0.9.11)
      rack (>= 1.0)
      rack-test (>= 0.5)
    raindrops (0.10.0)
    rake (0.9.2.2)
    redis (3.0.1)
    sinatra (1.3.2)
      rack (~> 1.3, >= 1.3.6)
      rack-protection (~> 1.2)
      tilt (~> 1.3, >= 1.3.3)
    sinatra-flash (0.3.0)
      sinatra (>= 1.0.0)
    slop (3.3.2)
    tilt (1.3.3)
    unicorn (4.3.1)
      kgio (~> 2.6)
      rack
      raindrops (~> 0.7)

PLATFORMS
  ruby

DEPENDENCIES
  faraday
  multi_json
  nokogiri
  omniauth-facebook
  omniauth-twitter
  pry
  racksh
  rake
  redis
  sinatra
  sinatra-flash
  unicorn
